GEM
  remote: https://rubygems.org/
  specs:
    minitest (5.10.3)
    minitest-ci (3.2.0)
      minitest (>= 5.0.6)
    mustermann (1.1.1)
      ruby2_keywords (~> 0.0.1)
    nio4r (2.5.7)
    puma (4.3.8)
      nio4r (~> 2.0)
    rack (2.2.3)
    rack-protection (2.0.8.1)
      rack
    rake (12.3.3)
    ruby2_keywords (0.0.2)
    sinatra (2.0.8.1)
      mustermann (~> 1.0)
      rack (~> 2.0)
      rack-protection (= 2.0.8.1)
      tilt (~> 2.0)
    tilt (2.0.10)

PLATFORMS
  ruby

DEPENDENCIES
  minitest (~> 5.10.3)
  minitest-ci (~> 3.2.0)
  puma (>= 3.12.2)
  rake (~> 12.3.3)
  sinatra (>= 2.0.2)

RUBY VERSION
   ruby 2.7.0p0

BUNDLED WITH
   2.1.4
